GEM
  specs:

GEM
  remote: https://gem.fury.io/waybetter/
  specs:
    ast (2.4.2)
    jaro_winkler (1.5.4)
    parallel (1.21.0)
    parser (3.0.2.0)
      ast (~> 2.4.1)
    rack (2.2.3)
    rainbow (3.0.0)
    rubocop (0.74.0)
      jaro_winkler (~> 1.5.1)
      parallel (~> 1.10)
      parser (>= 2.6)
      rainbow (>= 2.2.2, < 4.0)
      ruby-progressbar (~> 1.7)
      unicode-display_width (>= 1.4.0, < 1.7)
    rubocop-performance (1.4.1)
      rubocop (>= 0.71.0)
    rubocop-rails (2.2.1)
      rack (>= 1.1)
      rubocop (>= 0.72.0)
    rubocop-rspec (1.35.0)
      rubocop (>= 0.60.0)
    ruby-progressbar (1.11.0)
    unicode-display_width (1.6.1)
    wb-rubocop (1.0.0)
      rubocop (~> 0.74.0)
      rubocop-performance (~> 1.4.1)
      rubocop-rails (~> 2.2.1)
      rubocop-rspec (~> 1.35.0)

PLATFORMS
  x86_64-linux

DEPENDENCIES
  wb-rubocop!

BUNDLED WITH
   2.2.16
